GEM
  remote: https://rubygems.org/
  specs:
    actioncable (7.0.0.alpha2)
      actionpack (= 7.0.0.alpha2)
      activesupport (= 7.0.0.alpha2)
      nio4r (~> 2.0)
      websocket-driver (>= 0.6.1)
    actionmailbox (7.0.0.alpha2)
      actionpack (= 7.0.0.alpha2)
      activejob (= 7.0.0.alpha2)
      activerecord (= 7.0.0.alpha2)
      activestorage (= 7.0.0.alpha2)
      activesupport (= 7.0.0.alpha2)
      mail (>= 2.7.1)
    actionmailer (7.0.0.alpha2)
      actionpack (= 7.0.0.alpha2)
      actionview (= 7.0.0.alpha2)
      activejob (= 7.0.0.alpha2)
      activesupport (= 7.0.0.alpha2)
      mail (~> 2.5, >= 2.5.4)
      rails-dom-testing (~> 2.0)
    actionpack (7.0.0.alpha2)
      actionview (= 7.0.0.alpha2)
      activesupport (= 7.0.0.alpha2)
      rack (~> 2.0, >= 2.2.0)
      rack-test (>= 0.6.3)
      rails-dom-testing (~> 2.0)
      rails-html-sanitizer (~> 1.0, >= 1.2.0)
    actiontext (7.0.0.alpha2)
      actionpack (= 7.0.0.alpha2)
      activerecord (= 7.0.0.alpha2)
      activestorage (= 7.0.0.alpha2)
      activesupport (= 7.0.0.alpha2)
      nokogiri (>= 1.8.5)
    actionview (7.0.0.alpha2)
      activesupport (= 7.0.0.alpha2)
      builder (~> 3.1)
      erubi (~> 1.4)
      rails-dom-testing (~> 2.0)
      rails-html-sanitizer (~> 1.1, >= 1.2.0)
    activejob (7.0.0.alpha2)
      activesupport (= 7.0.0.alpha2)
      globalid (>= 0.3.6)
    activemodel (7.0.0.alpha2)
      activesupport (= 7.0.0.alpha2)
    activerecord (7.0.0.alpha2)
      activemodel (= 7.0.0.alpha2)
      activesupport (= 7.0.0.alpha2)
    activestorage (7.0.0.alpha2)
      actionpack (= 7.0.0.alpha2)
      activejob (= 7.0.0.alpha2)
      activerecord (= 7.0.0.alpha2)
      activesupport (= 7.0.0.alpha2)
      marcel (~> 1.0.0)
      mini_mime (>= 1.1.0)
    activesupport (7.0.0.alpha2)
      concurrent-ruby (~> 1.0, >= 1.0.2)
      i18n (>= 1.6, < 2)
      minitest (>= 5.1)
      tzinfo (~> 2.0)
    addressable (2.8.0)
      public_suffix (>= 2.0.2, < 5.0)
    ast (2.4.2)
    bcrypt (3.1.16)
    bindex (0.8.1)
    bootsnap (1.9.0)
      msgpack (~> 1.0)
    builder (3.2.4)
    byebug (11.1.3)
    concurrent-ruby (1.1.9)
    connection_pool (2.2.5)
    crass (1.0.6)
    css_parser (1.10.0)
      addressable
    cssbundling-rails (0.1.7)
      railties (>= 6.0.0)
      sprockets-rails (>= 2.0.0)
    diff-lcs (1.4.4)
    dotenv (2.7.6)
    dotenv-rails (2.7.6)
      dotenv (= 2.7.6)
      railties (>= 3.2)
    erubi (1.10.0)
    et-orbi (1.2.4)
      tzinfo
    factory_bot (6.2.0)
      activesupport (>= 5.0.0)
    factory_bot_rails (6.2.0)
      factory_bot (~> 6.2.0)
      railties (>= 5.0.0)
    ffi (1.15.4)
    fugit (1.5.1)
      et-orbi (~> 1.1, >= 1.1.8)
      raabro (~> 1.4)
    globalid (0.5.2)
      activesupport (>= 5.0)
    htmlentities (4.3.4)
    httparty (0.19.0)
      mime-types (~> 3.0)
      multi_xml (>= 0.5.2)
    i18n (1.8.10)
      concurrent-ruby (~> 1.0)
    image_processing (1.12.1)
      mini_magick (>= 4.9.5, < 5)
      ruby-vips (>= 2.0.17, < 3)
    jbuilder (2.11.2)
      activesupport (>= 5.0.0)
    jsbundling-rails (0.1.6)
      railties (>= 6.0.0)
      sprockets-rails (>= 2.0.0)
    launchy (2.5.0)
      addressable (~> 2.7)
    letter_opener (1.7.0)
      launchy (~> 2.2)
    letter_opener_web (1.4.0)
      actionmailer (>= 3.2)
      letter_opener (~> 1.0)
      railties (>= 3.2)
    listen (3.7.0)
      rb-fsevent (~> 0.10, >= 0.10.3)
      rb-inotify (~> 0.9, >= 0.9.10)
    lograge (0.11.2)
      actionpack (>= 4)
      activesupport (>= 4)
      railties (>= 4)
      request_store (~> 1.0)
    loofah (2.12.0)
      crass (~> 1.0.2)
      nokogiri (>= 1.5.9)
    mail (2.7.1)
      mini_mime (>= 0.1.1)
    marcel (1.0.1)
    meilisearch (0.16.1)
      httparty (>= 0.17.1, < 0.20.0)
    method_source (1.0.0)
    mime-types (3.3.1)
      mime-types-data (~> 3.2015)
    mime-types-data (3.2021.0901)
    mini_magick (4.11.0)
    mini_mime (1.1.1)
    minitest (5.14.4)
    msgpack (1.4.2)
    multi_xml (0.6.0)
    nio4r (2.5.8)
    nokogiri (1.12.4-x86_64-darwin)
      racc (~> 1.4)
    nokogiri (1.12.4-x86_64-linux)
      racc (~> 1.4)
    parallel (1.21.0)
    parser (3.0.2.0)
      ast (~> 2.4.1)
    pg (1.2.3)
    premailer (1.15.0)
      addressable
      css_parser (>= 1.6.0)
      htmlentities (>= 4.0.0)
    premailer-rails (1.11.1)
      actionmailer (>= 3)
      premailer (~> 1.7, >= 1.7.9)
    public_suffix (4.0.6)
    puma (5.4.0)
      nio4r (~> 2.0)
    raabro (1.4.0)
    racc (1.5.2)
    rack (2.2.3)
    rack-mini-profiler (2.3.3)
      rack (>= 1.2.0)
    rack-test (1.1.0)
      rack (>= 1.0, < 3)
    rails (7.0.0.alpha2)
      actioncable (= 7.0.0.alpha2)
      actionmailbox (= 7.0.0.alpha2)
      actionmailer (= 7.0.0.alpha2)
      actionpack (= 7.0.0.alpha2)
      actiontext (= 7.0.0.alpha2)
      actionview (= 7.0.0.alpha2)
      activejob (= 7.0.0.alpha2)
      activemodel (= 7.0.0.alpha2)
      activerecord (= 7.0.0.alpha2)
      activestorage (= 7.0.0.alpha2)
      activesupport (= 7.0.0.alpha2)
      bundler (>= 1.15.0)
      railties (= 7.0.0.alpha2)
      sprockets-rails (>= 2.0.0)
    rails-dom-testing (2.0.3)
      activesupport (>= 4.2.0)
      nokogiri (>= 1.6)
    rails-html-sanitizer (1.4.2)
      loofah (~> 2.3)
    railties (7.0.0.alpha2)
      actionpack (= 7.0.0.alpha2)
      activesupport (= 7.0.0.alpha2)
      method_source
      rake (>= 0.13)
      thor (~> 1.0)
      zeitwerk (~> 2.5.0.beta3)
    rainbow (3.0.0)
    rake (13.0.6)
    rb-fsevent (0.11.0)
    rb-inotify (0.10.1)
      ffi (~> 1.0)
    redis (4.4.0)
    regexp_parser (2.1.1)
    request_store (1.5.0)
      rack (>= 1.4)
    rexml (3.2.5)
    rspec-core (3.10.1)
      rspec-support (~> 3.10.0)
    rspec-expectations (3.10.1)
      diff-lcs (>= 1.2.0, < 2.0)
      rspec-support (~> 3.10.0)
    rspec-mocks (3.10.2)
      diff-lcs (>= 1.2.0, < 2.0)
      rspec-support (~> 3.10.0)
    rspec-rails (4.1.2)
      actionpack (>= 4.2)
      activesupport (>= 4.2)
      railties (>= 4.2)
      rspec-core (~> 3.10)
      rspec-expectations (~> 3.10)
      rspec-mocks (~> 3.10)
      rspec-support (~> 3.10)
    rspec-support (3.10.2)
    rubocop (1.20.0)
      parallel (~> 1.10)
      parser (>= 3.0.0.0)
      rainbow (>= 2.2.2, < 4.0)
      regexp_parser (>= 1.8, < 3.0)
      rexml
      rubocop-ast (>= 1.9.1, < 2.0)
      ruby-progressbar (~> 1.7)
      unicode-display_width (>= 1.4.0, < 3.0)
    rubocop-ast (1.11.0)
      parser (>= 3.0.1.1)
    rubocop-performance (1.11.5)
      rubocop (>= 1.7.0, < 2.0)
      rubocop-ast (>= 0.4.0)
    ruby-progressbar (1.11.0)
    ruby-vips (2.1.3)
      ffi (~> 1.12)
    sidekiq (6.2.2)
      connection_pool (>= 2.2.2)
      rack (~> 2.0)
      redis (>= 4.2.0)
    sidekiq-cron (1.2.0)
      fugit (~> 1.1)
      sidekiq (>= 4.2.1)
    sprockets (4.0.2)
      concurrent-ruby (~> 1.0)
      rack (> 1, < 3)
    sprockets-rails (3.2.2)
      actionpack (>= 4.0)
      activesupport (>= 4.0)
      sprockets (>= 3.0.0)
    standard (1.3.0)
      rubocop (= 1.20.0)
      rubocop-performance (= 1.11.5)
    standardrb (1.0.0)
      standard
    stimulus-rails (0.5.3)
      rails (>= 6.0.0)
    thor (1.1.0)
    turbo-rails (0.7.14)
      rails (>= 6.0.0)
    tzinfo (2.0.4)
      concurrent-ruby (~> 1.0)
    unicode-display_width (2.1.0)
    web-console (4.1.0)
      actionview (>= 6.0.0)
      activemodel (>= 6.0.0)
      bindex (>= 0.4.0)
      railties (>= 6.0.0)
    websocket-driver (0.7.5)
      websocket-extensions (>= 0.1.0)
    websocket-extensions (0.1.5)
    zeitwerk (2.5.0.beta3)

PLATFORMS
  x86_64-darwin-20
  x86_64-linux-musl

DEPENDENCIES
  bcrypt (~> 3.1.7)
  bootsnap (>= 1.4.4)
  byebug
  cssbundling-rails (>= 0.1.0)
  dotenv-rails (~> 2.7)
  factory_bot_rails
  image_processing (~> 1.2)
  jbuilder (~> 2.7)
  jsbundling-rails (>= 0.1.6)
  letter_opener (~> 1.7)
  letter_opener_web (~> 1.4)
  listen (~> 3.3)
  lograge (~> 0.11.2)
  meilisearch (~> 0.16.1)
  pg
  premailer-rails (~> 1.11)
  puma (~> 5.0)
  rack-mini-profiler (~> 2.0)
  rails (~> 7.0.0.alpha2)
  redis (~> 4.0)
  rspec-rails (~> 4.0)
  sidekiq (~> 6.2)
  sidekiq-cron (~> 1.2)
  standardrb (~> 1.0)
  stimulus-rails (>= 0.4.0)
  turbo-rails (>= 0.7.11)
  tzinfo-data
  web-console (>= 4.1.0)

RUBY VERSION
   ruby 3.0.2p107

BUNDLED WITH
   2.2.22
